PATH
  remote: .
  specs:
    travis-conditions (1.0.9)
      parslet (~> 1.8.2)
      sh_vars (~> 1.0.2)

GEM
  remote: https://rubygems.org/
  specs:
    diff-lcs (1.3)
    parslet (1.8.2)
    rspec (3.6.0)
      rspec-core (~> 3.6.0)
      rspec-expectations (~> 3.6.0)
      rspec-mocks (~> 3.6.0)
    rspec-core (3.6.0)
      rspec-support (~> 3.6.0)
    rspec-expectations (3.6.0)
      diff-lcs (>= 1.2.0, < 2.0)
      rspec-support (~> 3.6.0)
    rspec-mocks (3.6.0)
      diff-lcs (>= 1.2.0, < 2.0)
      rspec-support (~> 3.6.0)
    rspec-support (3.6.0)
    sh_vars (1.0.2)

PLATFORMS
  ruby

DEPENDENCIES
  parslet
  rspec
  sh_vars
  travis-conditions!

BUNDLED WITH
   2.0.2
